GEM
  remote: https://rubygems.org/
  specs:
    aws-sdk (2.2.28)
      aws-sdk-resources (= 2.2.28)
    aws-sdk-core (2.2.28)
      jmespath (~> 1.0)
    aws-sdk-resources (2.2.28)
      aws-sdk-core (= 2.2.28)
    commander (4.3.5)
      highline (~> 1.7.2)
    highline (1.7.8)
    jmespath (1.1.3)

PLATFORMS
  ruby

DEPENDENCIES
  aws-sdk (~> 2)
  commander

BUNDLED WITH
   1.10.6
